GEM
  remote: https://rubygems.org/
  specs:
    activemodel (4.1.0)
      activesupport (= 4.1.0)
      builder (~> 3.1)
    activesupport (4.1.0)
      i18n (~> 0.6, >= 0.6.9)
      json (~> 1.7, >= 1.7.7)
      minitest (~> 5.1)
      thread_safe (~> 0.1)
      tzinfo (~> 1.1)
    addressable (2.3.6)
    bcrypt (3.1.7)
    better_errors (1.1.0)
      coderay (>= 1.0.0)
      erubis (>= 2.6.6)
    binding_of_caller (0.7.2)
      debug_inspector (>= 0.0.1)
    bitcoin-client (0.0.3)
      rest-client
    bson (1.10.0)
    bson_ext (1.10.0)
      bson (~> 1.10.0)
    buftok (0.2.0)
    builder (3.2.2)
    celluloid (0.15.2)
      timers (~> 1.1.0)
    celluloid-io (0.15.0)
      celluloid (>= 0.15.0)
      nio4r (>= 0.5.0)
    coderay (1.1.0)
    cryptsy-api (0.1.2)
      httparty
      json
    daemons (1.1.9)
    debug_inspector (0.0.2)
    em-websocket (0.5.1)
      eventmachine (>= 0.12.9)
      http_parser.rb (~> 0.6.0)
    equalizer (0.0.9)
    erubis (2.7.0)
    eventmachine (1.0.3)
    faraday (0.9.0)
      multipart-post (>= 1.2, < 3)
    ffi (1.9.3)
    formatador (0.2.4)
    guard (2.6.0)
      formatador (>= 0.2.4)
      listen (~> 2.7)
      lumberjack (~> 1.0)
      pry (>= 0.9.12)
      thor (>= 0.18.1)
    guard-livereload (2.1.2)
      em-websocket (~> 0.5)
      guard (~> 2.0)
      multi_json (~> 1.8)
    http (0.5.0)
      http_parser.rb
    http_parser.rb (0.6.0)
    http_router (0.11.1)
      rack (>= 1.0.0)
      url_mount (~> 0.2.1)
    httparty (0.13.1)
      json (~> 1.8)
      multi_xml (>= 0.5.2)
    i18n (0.6.9)
    json (1.8.1)
    listen (2.7.3)
      celluloid (>= 0.15.2)
      celluloid-io (>= 0.15.0)
      rb-fsevent (>= 0.9.3)
      rb-inotify (>= 0.9)
    lumberjack (1.0.5)
    mail (2.5.4)
      mime-types (~> 1.16)
      treetop (~> 1.4.8)
    memoizable (0.4.2)
      thread_safe (~> 0.3, >= 0.3.1)
    method_source (0.8.2)
    mime-types (1.25.1)
    minitest (5.3.3)
    moneta (0.7.20)
    mongo (1.10.0)
      bson (~> 1.10.0)
    mongo_mapper (0.13.0)
      activemodel (>= 3.0.0)
      activesupport (>= 3.0)
      mongo (~> 1.8)
      plucky (~> 0.6.5)
    multi_json (1.9.3)
    multi_xml (0.5.5)
    multipart-post (2.0.0)
    naught (1.0.0)
    net-scp (1.2.1)
      net-ssh (>= 2.6.5)
    net-ssh (2.9.0)
    nio4r (1.0.0)
    padrino (0.12.1)
      padrino-admin (= 0.12.1)
      padrino-cache (= 0.12.1)
      padrino-core (= 0.12.1)
      padrino-gen (= 0.12.1)
      padrino-helpers (= 0.12.1)
      padrino-mailer (= 0.12.1)
      padrino-support (= 0.12.1)
    padrino-admin (0.12.1)
      padrino-core (= 0.12.1)
      padrino-helpers (= 0.12.1)
    padrino-cache (0.12.1)
      moneta (~> 0.7.0)
      padrino-core (= 0.12.1)
      padrino-helpers (= 0.12.1)
    padrino-contrib (0.1.13)
    padrino-core (0.12.1)
      activesupport (>= 3.1)
      http_router (~> 0.11.0)
      padrino-support (= 0.12.1)
      rack-protection (>= 1.5.0)
      sinatra (~> 1.4.2)
      thor (~> 0.18.0)
    padrino-gen (0.12.1)
      bundler (~> 1.0)
      padrino-core (= 0.12.1)
    padrino-helpers (0.12.1)
      i18n (~> 0.6, >= 0.6.7)
      padrino-support (= 0.12.1)
      tilt (~> 1.4.1)
    padrino-mailer (0.12.1)
      mail (~> 2.5.3)
      padrino-core (= 0.12.1)
    padrino-support (0.12.1)
      activesupport (>= 3.1)
    plucky (0.6.6)
      mongo (~> 1.5)
    polyglot (0.3.4)
    pry (0.9.12.6)
      coderay (~> 1.0)
      method_source (~> 0.8)
      slop (~> 3.4)
    rack (1.5.2)
    rack-protection (1.5.3)
      rack
    rake (10.3.1)
    rb-fsevent (0.9.4)
    rb-inotify (0.9.4)
      ffi (>= 0.5.0)
    rdiscount (2.1.7.1)
    redis (3.0.7)
    rest-client (1.6.7)
      mime-types (>= 1.16)
    ruby-progressbar (1.4.2)
    sass (3.3.6)
    simple_oauth (0.2.0)
    sinatra (1.4.5)
      rack (~> 1.4)
      rack-protection (~> 1.4)
      tilt (~> 1.3, >= 1.3.4)
    slim (2.0.2)
      temple (~> 0.6.6)
      tilt (>= 1.3.3, < 2.1)
    slop (3.5.0)
    tai64 (0.0.5)
    temple (0.6.7)
    thin (1.6.2)
      daemons (>= 1.0.9)
      eventmachine (>= 1.0.0)
      rack (>= 1.0.0)
    thor (0.18.1)
    thread_safe (0.3.3)
    tilt (1.4.1)
    timeout (0.0.0)
    timers (1.1.0)
    treetop (1.4.15)
      polyglot
      polyglot (>= 0.3.1)
    twitter (5.8.0)
      addressable (~> 2.3)
      buftok (~> 0.2.0)
      equalizer (~> 0.0.9)
      faraday (~> 0.9.0)
      http (~> 0.5.0)
      http_parser.rb (~> 0.6.0)
      json (~> 1.8)
      memoizable (~> 0.4.0)
      naught (~> 1.0)
      simple_oauth (~> 0.2.0)
    tzinfo (1.1.0)
      thread_safe (~> 0.1)
    url_mount (0.2.1)
      rack
    will_paginate (3.0.5)
    xmpp4r (0.5.6)

PLATFORMS
  ruby

DEPENDENCIES
  bcrypt
  better_errors
  binding_of_caller
  bitcoin-client
  bson_ext
  cryptsy-api
  guard-livereload
  httparty
  mongo_mapper
  net-scp
  net-ssh
  padrino (= 0.12.1)
  padrino-contrib
  rake
  rdiscount
  redis
  ruby-progressbar
  sass
  slim
  tai64
  thin
  timeout
  twitter
  will_paginate (~> 3.0)
  xmpp4r
